GEM
  remote: http://rubygems.org/
  specs:
    columnize (0.3.6)
    ruby-debug (0.10.4)
      columnize (>= 0.1)
      ruby-debug-base (~> 0.10.4.0)
    ruby-debug-base (0.10.4-java)
    yajl-ruby (1.1.0)

PLATFORMS
  java

DEPENDENCIES
  ruby-debug
  yajl-ruby (= 1.1.0)
